PATH
  remote: .
  specs:
    git-pivotal-tracker-integration (1.2.0.dev)
      highline (~> 1.6.16)
      pivotal-tracker (~> 0.5.10)

GEM
  remote: https://rubygems.org/
  specs:
    builder (3.2.0)
    crack (0.3.2)
    diff-lcs (1.2.3)
    happymapper (0.4.0)
      libxml-ruby (~> 2.0)
    highline (1.6.16)
    libxml-ruby (2.6.0)
    mime-types (1.22)
    nokogiri (1.5.9)
    nokogiri-happymapper (0.5.7)
      nokogiri (~> 1.5)
    pivotal-tracker (0.5.10)
      builder
      crack
      happymapper (>= 0.3.2)
      nokogiri (>= 1.4.3)
      nokogiri (>= 1.5.5)
      nokogiri-happymapper (>= 0.5.4)
      rest-client (~> 1.6.0)
    rake (0.9.6)
    rest-client (1.6.7)
      mime-types (>= 1.16)
    rspec (2.13.0)
      rspec-core (~> 2.13.0)
      rspec-expectations (~> 2.13.0)
      rspec-mocks (~> 2.13.0)
    rspec-core (2.13.1)
    rspec-expectations (2.13.0)
      diff-lcs (>= 1.1.3, < 2.0)
    rspec-mocks (2.13.1)

PLATFORMS
  ruby

DEPENDENCIES
  bundler (~> 1.3)
  git-pivotal-tracker-integration!
  rake
  rspec (~> 2.13.0)
