PATH
  remote: .
  specs:
    git-pivotal-tracker-integration (1.0.0)
      rugged (~> 0.16.0)

GEM
  remote: https://rubygems.org/
  specs:
    rake (0.9.6)
    rugged (0.16.0)

PLATFORMS
  ruby

DEPENDENCIES
  bundler (~> 1.3)
  git-pivotal-tracker-integration!
  rake
